GEM
  remote: https://rubygems.org/
  specs:
    dotenv (2.7.6)
    httparty (0.21.0)
      mini_mime (>= 1.0.0)
      multi_xml (>= 0.5.2)
    mini_mime (1.1.2)
    multi_xml (0.6.0)
    nokogiri (1.13.6-x86_64-linux)
      racc (~> 1.4)
    racc (1.6.0)
    sun_calc (0.1.0)

PLATFORMS
  x86_64-linux

DEPENDENCIES
  dotenv
  httparty
  nokogiri
  sun_calc

BUNDLED WITH
   2.2.32
