GEM
  remote: https://rubygems.org/
  specs:
    dotenv (2.7.6)
    httparty (0.20.0)
      mime-types (~> 3.0)
      multi_xml (>= 0.5.2)
    mime-types (3.4.1)
      mime-types-data (~> 3.2015)
    mime-types-data (3.2022.0105)
    mini_magick (4.11.0)
    multi_xml (0.6.0)
    nokogiri (1.13.1-x86_64-linux)
      racc (~> 1.4)
    racc (1.6.0)
    sun_calc (0.1.0)

PLATFORMS
  x86_64-linux

DEPENDENCIES
  dotenv
  httparty
  mini_magick
  nokogiri
  sun_calc

BUNDLED WITH
   2.2.32
